GEM
  remote: https://rubygems.org/
  specs:
    fast-polylines (2.2.0)
    httparty (0.18.1)
      mime-types (~> 3.0)
      multi_xml (>= 0.5.2)
    mime-types (3.3.1)
      mime-types-data (~> 3.2015)
    mime-types-data (3.2020.1104)
    multi_xml (0.6.0)

PLATFORMS
  x64-mingw32

DEPENDENCIES
  fast-polylines
  httparty

RUBY VERSION
   ruby 2.7.2p137

BUNDLED WITH
   2.2.5
